GIT
  remote: git://github.com/mongoid/moped.git
  revision: 734b477fdc862bc6ded35cc0d7016d25bf1e6da1
  specs:
    moped (1.0.0.beta)

PATH
  remote: .
  specs:
    evolver (0.0.0)
      activesupport (~> 3.2)
      moped (~> 1.0.0.beta)

GEM
  remote: http://rubygems.org/
  specs:
    activesupport (3.2.3)
      i18n (~> 0.6)
      multi_json (~> 1.0)
    diff-lcs (1.1.3)
    ffi (1.0.11)
    guard (1.0.3)
      ffi (>= 0.5.0)
      thor (>= 0.14.6)
    guard-rspec (0.7.2)
      guard (>= 0.10.0)
    i18n (0.6.0)
    multi_json (1.3.5)
    rake (0.9.2.2)
    rspec (2.10.0)
      rspec-core (~> 2.10.0)
      rspec-expectations (~> 2.10.0)
      rspec-mocks (~> 2.10.0)
    rspec-core (2.10.0)
    rspec-expectations (2.10.0)
      diff-lcs (~> 1.1.3)
    rspec-mocks (2.10.1)
    thor (0.15.2)

PLATFORMS
  ruby

DEPENDENCIES
  evolver!
  guard-rspec (~> 0.7)
  moped!
  rake
  rspec (~> 2.10)
