GIT
  remote: git://github.com/mongoid/moped.git
  revision: cbc55047d6792158827d39d817a2a9ec8e525e46
  specs:
    moped (1.0.0.beta)

PATH
  remote: .
  specs:
    evolver (0.0.0)
      moped (~> 1.0.0.beta)

GEM
  remote: http://rubygems.org/
  specs:
    diff-lcs (1.1.3)
    ffi (1.0.11)
    guard (1.0.3)
      ffi (>= 0.5.0)
      thor (>= 0.14.6)
    guard-rspec (0.7.2)
      guard (>= 0.10.0)
    rspec (2.10.0)
      rspec-core (~> 2.10.0)
      rspec-expectations (~> 2.10.0)
      rspec-mocks (~> 2.10.0)
    rspec-core (2.10.0)
    rspec-expectations (2.10.0)
      diff-lcs (~> 1.1.3)
    rspec-mocks (2.10.1)
    thor (0.15.2)

PLATFORMS
  ruby

DEPENDENCIES
  evolver!
  guard-rspec (~> 0.7)
  moped!
  rspec (~> 2.10)
